GEM
  remote: https://rubygems.org/
  specs:
    addressable (2.3.6)
    chunky_png (1.3.0)
    compass (0.12.5)
      chunky_png (~> 1.2)
      fssm (>= 0.2.7)
      sass (~> 3.2.19)
    css_parser (1.3.5)
      addressable
    ffi (1.9.3)
    fssm (0.2.10)
    rb-inotify (0.9.3)
      ffi (>= 0.5.0)
    sass (3.2.19)

PLATFORMS
  ruby

DEPENDENCIES
  compass (~> 0.12.5)
  css_parser (~> 1.3.5)
  rb-inotify (~> 0.9)
